GEM
  remote: https://rubygems.org/
  specs:
    auto_reloader (0.4.1)
    coderay (1.1.2)
    erubi (1.8.0)
    ffi (1.15.5)
    method_source (0.9.2)
    mustermann (2.0.2)
      ruby2_keywords (~> 0.0.1)
    ood_core (0.19.0)
      ffi (~> 1.9, >= 1.9.6)
      ood_support (~> 0.0.2)
    ood_support (0.0.3)
    pry (0.12.2)
      coderay (~> 1.1.0)
      method_source (~> 0.9.0)
    rack (2.2.7)
    rack-protection (2.2.4)
      rack
    rackup (1.0.0)
      rack (< 3)
      webrick
    ruby2_keywords (0.0.5)
    sinatra (2.2.4)
      mustermann (~> 2.0)
      rack (~> 2.2)
      rack-protection (= 2.2.4)
      tilt (~> 2.0)
    tilt (2.2.0)
    webrick (1.8.1)

PLATFORMS
  ruby

DEPENDENCIES
  auto_reloader (~> 0.4)
  erubi (~> 1.7)
  ood_core (~> 0.19.0)
  pry
  rack
  rackup
  sinatra (~> 2.2)
  webrick (~> 1.8.1)

BUNDLED WITH
   2.1.4
